GEM
  remote: http://rubygems.org/
  specs:
    awesome_print (0.4.0)
    daemons (1.1.4)
    eventmachine (0.12.10)
    rack (1.3.5)
    rack-protection (1.1.4)
      rack
    rak (1.0)
    rb-appscript (0.6.1)
    shotgun (0.9)
      rack (>= 1.0)
    sinatra (1.3.1)
      rack (~> 1.3, >= 1.3.4)
      rack-protection (~> 1.1, >= 1.1.2)
      tilt (~> 1.3, >= 1.3.3)
    thin (1.3.1)
      daemons (>= 1.0.9)
      eventmachine (>= 0.12.6)
      rack (>= 1.0.0)
    tilt (1.3.3)

PLATFORMS
  ruby

DEPENDENCIES
  awesome_print
  rack (>= 1.3.5)
  rak
  rb-appscript
  shotgun
  sinatra (>= 1.3.1)
  thin
